{
	"Modality": "MR",
	"MagneticFieldStrength": 3,
	"ImagingFrequency": 123.25,
	"Manufacturer": "Siemens",
	"ManufacturersModelName": "Skyra",
	"InstitutionName": "Princeton University - Neuroscience Institute",
	"InstitutionAddress": "Washington and Faculty Rd. - Building 25 25,Princeton,NJ,US,08540",
	"DeviceSerialNumber": "45031",
	"StationName": "AWP45031",
	"BodyPartExamined": "BRAIN",
	"PatientPosition": "HFS",
	"ProcedureStepDescription": "NormaL_Hennings^rt-press",
	"SoftwareVersions": "syngo MR E11",
	"MRAcquisitionType": "2D",
	"SeriesDescription": "ses-1_task-refseries_bold",
	"ProtocolName": "ses-1_task-refseries_bold",
	"ScanningSequence": "EP",
	"SequenceVariant": "SK",
	"ScanOptions": "FS",
	"SequenceName": "*epfid2d1_64",
	"ImageType": ["ORIGINAL", "PRIMARY", "M", "ND", "NORM", "MOSAIC"],
	"NonlinearGradientCorrection": false,
	"SeriesNumber": 6,
	"AcquisitionTime": "18:26:57.862500",
	"AcquisitionNumber": 1,
	"SliceThickness": 3,
	"SpacingBetweenSlices": 3,
	"SAR": 0.081212,
	"EchoTime": 0.03,
	"RepetitionTime": 2,
	"FlipAngle": 70,
	"PartialFourier": 1,
	"BaseResolution": 64,
	"ShimSetting": [
		3427,
		8635,
		9246,
		438,
		184,
		-903,
		495,
		33	],
	"TxRefAmp": 312.211,
	"PhaseResolution": 1,
	"ReceiveCoilName": "HeadNeck_64",
	"ReceiveCoilActiveElements": "HC1-7",
	"PulseSequenceDetails": "%SiemensSeq%\\ep2d_bold",
	"RefLinesPE": 24,
	"CoilCombinationMethod": "Adaptive Combine",
	"ConsistencyInfo": "N4_VE11C_LATEST_20160120",
	"MultibandAccelerationFactor": 2,
	"PercentPhaseFOV": 100,
	"PercentSampling": 100,
	"EchoTrainLength": 64,
	"PhaseEncodingSteps": 64,
	"AcquisitionMatrixPE": 64,
	"ReconMatrixPE": 64,
	"BandwidthPerPixelPhaseEncode": 22.645,
	"EffectiveEchoSpacing": 0.000689998,
	"DerivedVendorReportedEchoSpacing": 0.000689998,
	"TotalReadoutTime": 0.0434699,
	"PixelBandwidth": 1595,
	"PhaseEncodingDirection": "j-",
	"SliceTiming": [
		1.485,
		0,
		0.99,
		0.07,
		1.06,
		0.14,
		1.13,
		0.2125,
		1.2025,
		0.2825,
		1.2725,
		0.3525,
		1.3425,
		0.425,
		1.415,
		0.565,
		1.555,
		0.635,
		1.625,
		0.7075,
		1.6975,
		0.7775,
		1.7675,
		0.8475,
		1.8375,
		0.92,
		1.91,
		0.495,
		1.485,
		0,
		0.99,
		0.07,
		1.06,
		0.14,
		1.13,
		0.2125,
		1.2025,
		0.2825,
		1.2725,
		0.3525,
		1.3425,
		0.425,
		1.415,
		0.565,
		1.555,
		0.635,
		1.625,
		0.7075,
		1.6975,
		0.7775,
		1.7675,
		0.8475,
		1.8375,
		0.92,
		1.91,
		0.495	],
	"ImageOrientationPatientDICOM": [
		0.997522,
		0.0646485,
		0.0277397,
		-0.0688789,
		0.977726,
		0.198261	],
	"InPlanePhaseEncodingDirectionDICOM": "COL",
	"ConversionSoftware": "dcm2niix",
	"ConversionSoftwareVersion": "v1.0.20220720"
}
