{
	"Modality": "MR",
	"MagneticFieldStrength": 6.98,
	"ImagingFrequency": 297.313,
	"Manufacturer": "Siemens",
	"ManufacturersModelName": "Investigational_Device_7T",
	"InstitutionName": "CMRR_7T_PS",
	"InstitutionalDepartmentName": "CMRR",
	"InstitutionAddress": "6th_Street_SE_2021_Minneapolis_114426_Chicago_US_55455",
	"DeviceSerialNumber": "18912",
	"StationName": "SEPTET",
	"PatientPosition": "HFS",
	"ProcedureStepDescription": "cvnlab_nova1x32",
	"SoftwareVersions": "syngo_MR_B17",
	"MRAcquisitionType": "2D",
	"SeriesDescription": "cmrr_mbep2d_bold_84slices_1pt8mm_1600TR_MB3_R2_SBRef",
	"ProtocolName": "cmrr_mbep2d_bold_84slices_1pt8mm_1600TR_MB3_R2",
	"ScanningSequence": "EP",
	"SequenceVariant": "SK_SS",
	"ScanOptions": "PFP_FS",
	"SequenceName": "epfid2d1_120",
	"ImageType": ["ORIGINAL", "PRIMARY", "M", "ND", "MOSAIC"],
	"SeriesNumber": 6,
	"AcquisitionTime": "16:24:54.325000",
	"AcquisitionNumber": 1,
	"ImageComments": "Single-band_reference",
	"SliceThickness": 1.8,
	"SpacingBetweenSlices": 1.8,
	"SAR": 0.0681838,
	"EchoTime": 0.022,
	"RepetitionTime": 1.6,
	"FlipAngle": 62,
	"PartialFourier": 0.875,
	"BaseResolution": 120,
	"ShimSetting": [
		-477,
		-59,
		366,
		5539,
		-215,
		361,
		-347,
		-175	],
	"TxRefAmp": 180,
	"PhaseResolution": 1,
	"ReceiveCoilName": "32Ch_Head_7T",
	"CoilString": "C:A32",
	"PulseSequenceDetails": "%CustomerSeq%_cmrr_mbep2d_bold",
	"PercentPhaseFOV": 100,
	"PhaseEncodingSteps": 104,
	"AcquisitionMatrixPE": 120,
	"ReconMatrixPE": 120,
	"BandwidthPerPixelPhaseEncode": 25.253,
	"ParallelReductionFactorInPlane": 2,
	"EffectiveEchoSpacing": 0.000329994,
	"DerivedVendorReportedEchoSpacing": 0.000659988,
	"TotalReadoutTime": 0.0392693,
	"PixelBandwidth": 1736,
	"DwellTime": 2.4e-06,
	"PhaseEncodingDirection": "j-",
	"SliceTiming": [
		0,
		0.0575,
		0.115,
		0.17,
		0.2275,
		0.285,
		0.3425,
		0.4,
		0.4575,
		0.515,
		0.5725,
		0.63,
		0.6875,
		0.745,
		0.8025,
		0.86,
		0.9175,
		0.975,
		1.0325,
		1.09,
		1.1475,
		1.2025,
		1.26,
		1.3175,
		1.375,
		1.4325,
		1.49,
		1.5475,
		1.605,
		1.6625,
		1.72,
		1.7775,
		1.835,
		1.8925,
		1.95,
		2.0075,
		2.065,
		2.1225,
		2.1775,
		2.235,
		2.2925,
		2.35,
		2.4075,
		2.465,
		2.5225,
		2.58,
		2.6375,
		2.695,
		2.7525,
		2.81,
		2.8675,
		2.925,
		2.9825,
		3.04,
		3.0975,
		3.155,
		3.21,
		3.2675,
		3.325,
		3.3825,
		3.44,
		3.4975,
		3.555,
		3.6125,
		3.67,
		3.7275,
		3.785,
		3.8425,
		3.9,
		3.9575,
		4.015,
		4.0725,
		4.13,
		4.1875,
		4.2425,
		4.3,
		4.3575,
		4.415,
		4.4725,
		4.53,
		4.5875,
		4.645,
		4.7025,
		4.76	],
	"ImageOrientationPatientDICOM": [
		1,
		-1e-16,
		0,
		1e-16,
		0.994338,
		-0.106264	],
	"InPlanePhaseEncodingDirectionDICOM": "COL",
	"ConversionSoftware": "dcm2niix",
	"ConversionSoftwareVersion": "v1.0.20181125  GCC4.3.2"
}